GIT
  remote: git://github.com/mxlje/sinatra-index.git
  revision: a3f89a460e44808849e2e29261c9768635f9ca81
  specs:
    sinatra-index (0.0.3)
      sinatra

GEM
  remote: https://rubygems.org/
  specs:
    addressable (2.3.8)
    backports (3.6.4)
    json (1.8.2)
    mime-types (1.25.1)
    multi_json (1.11.0)
    puma (2.9.0)
      rack (>= 1.1, < 2.0)
    rack (1.6.0)
    rack-protection (1.5.3)
      rack
    rack-test (0.6.3)
      rack (>= 1.0)
    rake (10.4.2)
    rdoc (4.2.0)
    rest-client (1.6.8)
      mime-types (~> 1.16)
      rdoc (>= 2.4.2)
    sinatra (1.4.6)
      rack (~> 1.4)
      rack-protection (~> 1.4)
      tilt (>= 1.3, < 3)
    sinatra-contrib (1.4.2)
      backports (>= 2.0)
      multi_json
      rack-protection
      rack-test
      sinatra (~> 1.4.0)
      tilt (~> 1.3)
    tilt (1.4.1)
    unirest (1.1.2)
      addressable (~> 2.3.5)
      json (~> 1.8.1)
      rest-client (~> 1.6.7)

PLATFORMS
  ruby

DEPENDENCIES
  json
  puma (= 2.9.0)
  rake
  sinatra (= 1.4.6)
  sinatra-contrib (= 1.4.2)
  sinatra-index!
  unirest
